PATH
  remote: .
  specs:
    rforce (0.7)
      builder (~> 3.0)
      oauth (~> 0.4)

GEM
  remote: http://rubygems.org/
  specs:
    builder (3.0.0)
    diff-lcs (1.1.3)
    hoe (2.13.0)
      rake (~> 0.8)
    hoe-gemspec2 (1.1.0)
      hoe
    oauth (0.4.5)
    rake (0.9.2.2)
    rspec (2.8.0)
      rspec-core (~> 2.8.0)
      rspec-expectations (~> 2.8.0)
      rspec-mocks (~> 2.8.0)
    rspec-core (2.8.0)
    rspec-expectations (2.8.0)
      diff-lcs (~> 1.1.2)
    rspec-mocks (2.8.0)

PLATFORMS
  ruby

DEPENDENCIES
  hoe (>= 2.12)
  hoe-gemspec2 (~> 1.1)
  rforce!
  rspec (~> 2.8)
